PATH
  remote: .
  specs:
    studio_ghibli (0.1.0)

GEM
  remote: https://rubygems.org/
  specs:
    httparty (0.18.1)
      mime-types (~> 3.0)
      multi_xml (>= 0.5.2)
    mime-types (3.3.1)
      mime-types-data (~> 3.2015)
    mime-types-data (3.2021.0225)
    multi_xml (0.6.0)

PLATFORMS
  x86_64-darwin-20

DEPENDENCIES
  httparty (~> 0.18.1)
  studio_ghibli!

BUNDLED WITH
   2.2.9
